GEM
  remote: https://rubygems.org/
  specs:
    builder (3.2.0)
    expression_parser (0.9.0)
    rack (1.4.4)
    rack-protection (1.3.2)
      rack
    rdiscount (2.0.7.2)
    sinatra (1.3.3)
      rack (~> 1.3, >= 1.3.6)
      rack-protection (~> 1.2)
      tilt (~> 1.3, >= 1.3.3)
    tilt (1.3.3)
    wikicloth (0.8.0)
      builder
      expression_parser

PLATFORMS
  ruby

DEPENDENCIES
  rdiscount
  sinatra
  wikicloth
