GEM
  remote: https://rubygems.org/
  specs:
    rack (1.4.4)
    rack-protection (1.3.2)
      rack
    rdiscount (2.0.7.2)
    sinatra (1.3.3)
      rack (~> 1.3, >= 1.3.6)
      rack-protection (~> 1.2)
      tilt (~> 1.3, >= 1.3.3)
    tilt (1.3.3)

PLATFORMS
  ruby

DEPENDENCIES
  rdiscount
  sinatra
